GEM
  remote: https://rubygems.org/
  specs:
    google-translate (1.1.3)
      json_pure (~> 1.8)
      resource_accessor (~> 1.2)
    json_pure (1.8.6)
    resource_accessor (1.2.7)

PLATFORMS
  ruby

DEPENDENCIES
  google-translate

BUNDLED WITH
   1.17.2
